GEM
  remote: https://rubygems.org/
  specs:
    aws-sdk-core (2.1.15)
      jmespath (~> 1.0)
    gibberish (2.0.0)
    jmespath (1.0.2)
      multi_json (~> 1.0)
    json (1.8.3)
    multi_json (1.11.2)

PLATFORMS
  ruby

DEPENDENCIES
  aws-sdk-core
  gibberish
  json
